GEM
  remote: https://rubygems.org/
  specs:
    http-2-next (0.5.0)
    httpx (0.19.4)
      http-2-next (>= 0.4.1)
    rexml (3.2.5)
    timeout (0.2.0)

PLATFORMS
  arm64-darwin-21

DEPENDENCIES
  httpx
  rexml
  timeout

BUNDLED WITH
   2.3.9
